PATH
  remote: .
  specs:
    web2json (0.1.0)

GEM
  remote: https://rubygems.org/
  specs:
    json (2.0.2)
    mini_portile2 (2.1.0)
    nokogiri (1.7.1)
      mini_portile2 (~> 2.1.0)
    open_uri_redirections (0.2.1)
    rake (10.5.0)

PLATFORMS
  ruby

DEPENDENCIES
  bundler (~> 1.14)
  json (~> 2.0.2)
  nokogiri (~> 1.7.1)
  open_uri_redirections (~> 0.2.1)
  rake (~> 10.0)
  web2json!

BUNDLED WITH
   1.14.6
